PATH
  remote: .
  specs:
    brewby-cli (0.1.0)
      ffi-ncurses
      thor

PATH
  remote: ../brewby/brewby-core
  specs:
    brewby (0.1.0)
      temper-control

GEM
  remote: https://rubygems.org/
  specs:
    coderay (1.1.0)
    diff-lcs (1.2.5)
    ffi (1.9.3)
    ffi-locale (1.0.1)
      ffi (>= 1.0.9)
    ffi-ncurses (0.4.0)
      ffi (>= 1.0.9)
      ffi-locale (>= 1.0.0)
    method_source (0.8.2)
    pry (0.9.12.4)
      coderay (~> 1.0)
      method_source (~> 0.8)
      slop (~> 3.4)
    rake (10.1.1)
    rspec (2.14.1)
      rspec-core (~> 2.14.0)
      rspec-expectations (~> 2.14.0)
      rspec-mocks (~> 2.14.0)
    rspec-core (2.14.7)
    rspec-expectations (2.14.4)
      diff-lcs (>= 1.1.3, < 2.0)
    rspec-mocks (2.14.4)
    slop (3.4.7)
    temper-control (0.0.1)
    thor (0.18.1)

PLATFORMS
  ruby

DEPENDENCIES
  brewby!
  brewby-cli!
  pry
  rake
  rspec
